PATH
  remote: .
  specs:
    sungrade_rails_toolkit (0.1.0)
      faraday (~> 0.15)
      jwt (~> 2.1)
      rack (>= 1.4)
      redis
      request_store (~> 1.4)

GEM
  remote: https://rubygems.org/
  specs:
    diff-lcs (1.3)
    faraday (0.15.4)
      multipart-post (>= 1.2, < 3)
    jwt (2.1.0)
    multipart-post (2.0.0)
    rack (2.0.6)
    rake (13.0.1)
    redis (4.1.0)
    request_store (1.4.1)
      rack (>= 1.4)
    rspec (3.8.0)
      rspec-core (~> 3.8.0)
      rspec-expectations (~> 3.8.0)
      rspec-mocks (~> 3.8.0)
    rspec-core (3.8.0)
      rspec-support (~> 3.8.0)
    rspec-expectations (3.8.2)
      diff-lcs (>= 1.2.0, < 2.0)
      rspec-support (~> 3.8.0)
    rspec-mocks (3.8.0)
      diff-lcs (>= 1.2.0, < 2.0)
      rspec-support (~> 3.8.0)
    rspec-support (3.8.0)

PLATFORMS
  ruby

DEPENDENCIES
  bundler (~> 1.16)
  rake (~> 13.0)
  rspec (~> 3.0)
  sungrade_rails_toolkit!

BUNDLED WITH
   1.16.1
